GEM
  remote: https://rubygems.org/
  specs:
    chunky_png (1.4.0)
    gosu (1.4.5)

PLATFORMS
  x64-mingw-ucrt

DEPENDENCIES
  chunky_png (~> 1.4)
  gosu (~> 1.4)

BUNDLED WITH
   2.4.7
